GEM
  remote: https://rubygems.org/
  specs:
    addressable (2.8.0)
      public_suffix (>= 2.0.2, < 5.0)
    ast (2.4.2)
    aws-eventstream (1.2.0)
    aws-partitions (1.587.0)
    aws-sdk-cloudsearch (1.40.0)
      aws-sdk-core (~> 3, >= 3.127.0)
      aws-sigv4 (~> 1.1)
    aws-sdk-cloudsearchdomain (1.33.0)
      aws-sdk-core (~> 3, >= 3.127.0)
      aws-sigv4 (~> 1.1)
    aws-sdk-core (3.130.2)
      aws-eventstream (~> 1, >= 1.0.2)
      aws-partitions (~> 1, >= 1.525.0)
      aws-sigv4 (~> 1.1)
      jmespath (~> 1.0)
    aws-sdk-kms (1.56.0)
      aws-sdk-core (~> 3, >= 3.127.0)
      aws-sigv4 (~> 1.1)
    aws-sdk-s3 (1.114.0)
      aws-sdk-core (~> 3, >= 3.127.0)
      aws-sdk-kms (~> 1)
      aws-sigv4 (~> 1.4)
    aws-sigv4 (1.5.0)
      aws-eventstream (~> 1, >= 1.0.2)
    builder (3.2.4)
    crass (1.0.6)
    daemons (1.4.1)
    domain_name (0.5.20190701)
      unf (>= 0.0.5, < 1.0.0)
    em-websocket (0.3.8)
      addressable (>= 2.1.1)
      eventmachine (>= 0.12.9)
    escape_utils (1.2.1)
    eventmachine (1.2.7)
    fastimage (2.2.6)
    ffi (1.15.5)
    get_process_mem (0.2.7)
      ffi (~> 1.0)
    htmlentities (4.3.4)
    http-accept (1.7.0)
    http-cookie (1.0.4)
      domain_name (~> 0.5)
    httparty (0.21.0)
      mini_mime (>= 1.0.0)
      multi_xml (>= 0.5.2)
    jmespath (1.6.1)
    json (2.6.2)
    mail (2.7.1)
      mini_mime (>= 0.1.1)
    maxminddb (0.1.22)
    maxminddb-geolite2-city (1.6.0)
      maxminddb (>= 0.1.11)
    mime-types (3.5.2)
      mime-types-data (~> 3.2015)
    mime-types-data (3.2024.0206)
    mimemagic (0.4.3)
      nokogiri (~> 1)
      rake
    mini_magick (4.11.0)
    mini_mime (1.1.2)
    multi_xml (0.6.0)
    mustermann (2.0.2)
      ruby2_keywords (~> 0.0.1)
    mysql2 (0.5.4)
    netrc (0.11.0)
    nio4r (2.7.0)
    nokogiri (1.16.5-x86_64-linux)
      racc (~> 1.4)
    parallel (1.22.1)
    parser (3.1.2.0)
      ast (~> 2.4.1)
    parslet (2.0.0)
    power_assert (2.0.1)
    public_suffix (4.0.7)
    puma (5.6.8)
      nio4r (~> 2.0)
    puma_worker_killer (0.3.1)
      get_process_mem (~> 0.2)
      puma (>= 2.7)
    racc (1.8.0)
    rack (2.2.8.1)
    rack-protection (2.2.3)
      rack
    rainbow (3.1.1)
    rake (13.0.6)
    regexp_parser (2.4.0)
    rest-client (2.1.0)
      http-accept (>= 1.7.0, < 2.0)
      http-cookie (>= 1.0.2, < 2.0)
      mime-types (>= 1.16, < 4.0)
      netrc (~> 0.8)
    rexml (3.2.8)
      strscan (>= 3.0.9)
    rubocop (1.29.0)
      parallel (~> 1.10)
      parser (>= 3.1.0.0)
      rainbow (>= 2.2.2, < 4.0)
      regexp_parser (>= 1.8, < 3.0)
      rexml (>= 3.2.5, < 4.0)
      rubocop-ast (>= 1.17.0, < 2.0)
      ruby-progressbar (~> 1.7)
      unicode-display_width (>= 1.4.0, < 3.0)
    rubocop-ast (1.17.0)
      parser (>= 3.1.1.0)
    rubocop-sequel (0.3.3)
      rubocop (~> 1.0)
    ruby-progressbar (1.11.0)
    ruby2_keywords (0.0.5)
    sanitize (6.0.2)
      crass (~> 1.0.2)
      nokogiri (>= 1.12.0)
    sequel (5.62.0)
    sigdump (0.2.4)
    sinatra (2.2.3)
      mustermann (~> 2.0)
      rack (~> 2.2)
      rack-protection (= 2.2.3)
      tilt (~> 2.0)
    sinatra-websocket (0.3.1)
      em-websocket (~> 0.3.6)
      eventmachine
      thin (>= 1.3.1, < 2.0.0)
    socksify (1.7.1)
    sqlite3 (1.4.2)
    strscan (3.1.0)
    test-unit (3.5.3)
      power_assert
    thin (1.8.1)
      daemons (~> 1.0, >= 1.0.9)
      eventmachine (~> 1.0, >= 1.0.4)
      rack (>= 1, < 3)
    tilt (2.3.0)
    unf (0.1.4)
      unf_ext
    unf_ext (0.0.8.1)
    unicode-display_width (2.1.0)
    unindent (1.0)
    vmstat (2.3.1)
    xml-sitemap (1.3.3)
      builder (>= 2.0)

PLATFORMS
  x86_64-linux

DEPENDENCIES
  addressable
  aws-sdk-cloudsearch
  aws-sdk-cloudsearchdomain
  aws-sdk-s3
  bundler
  escape_utils
  fastimage
  htmlentities
  httparty
  json (>= 2.6.2)
  mail
  maxminddb-geolite2-city
  mimemagic
  mini_magick
  mysql2
  netrc
  nokogiri
  parslet
  puma
  puma_worker_killer
  rest-client
  rubocop
  rubocop-sequel
  sanitize
  sequel
  sigdump
  sinatra
  sinatra-websocket
  socksify
  sqlite3
  test-unit
  unindent
  vmstat
  xml-sitemap

RUBY VERSION
   ruby 3.0.4p208

BUNDLED WITH
   2.3.25
