GEM
  remote: https://rubygems.org/
  specs:
    addressable (2.5.1)
      public_suffix (~> 2.0, >= 2.0.2)
    aws-sdk (2.10.7)
      aws-sdk-resources (= 2.10.7)
    aws-sdk-core (2.10.7)
      aws-sigv4 (~> 1.0)
      jmespath (~> 1.0)
    aws-sdk-resources (2.10.7)
      aws-sdk-core (= 2.10.7)
    aws-sigv4 (1.0.0)
    builder (3.2.3)
    crass (1.0.3)
    daemons (1.2.4)
    em-websocket (0.3.8)
      addressable (>= 2.1.1)
      eventmachine (>= 0.12.9)
    eventmachine (1.2.3)
    ezid-client (1.7.1)
      hashie (~> 3.4, >= 3.4.3)
    fastimage (2.1.0)
    get_process_mem (0.2.3)
    hashie (3.5.7)
    htmlentities (4.3.4)
    httparty (0.15.5)
      multi_xml (>= 0.5.2)
    jmespath (1.3.1)
    json (2.1.0)
    mail (2.7.0)
      mini_mime (>= 0.1.1)
    maxminddb (0.1.15)
    maxminddb-geolite2-city (1.6.0)
      maxminddb (>= 0.1.11)
    mimemagic (0.3.2)
    mini_magick (4.9.5)
    mini_mime (1.0.0)
    mini_portile2 (2.4.0)
    multi_xml (0.6.0)
    mustermann (1.0.2)
    mysql2 (0.4.7)
    netrc (0.11.0)
    nokogiri (1.10.4)
      mini_portile2 (~> 2.4.0)
    nokogumbo (1.5.0)
      nokogiri
    parslet (1.8.2)
    power_assert (1.0.2)
    public_suffix (2.0.5)
    puma (3.12.3)
    puma_worker_killer (0.1.0)
      get_process_mem (~> 0.2)
      puma (>= 2.7, < 4)
    rack (2.0.6)
    rack-protection (2.0.2)
      rack
    sanitize (4.6.4)
      crass (~> 1.0.2)
      nokogiri (>= 1.4.4)
      nokogumbo (~> 1.4)
    sequel (5.22.0)
    sigdump (0.2.4)
    sinatra (2.0.2)
      mustermann (~> 1.0)
      rack (~> 2.0)
      rack-protection (= 2.0.2)
      tilt (~> 2.0)
    sinatra-websocket (0.3.1)
      em-websocket (~> 0.3.6)
      eventmachine
      thin (>= 1.3.1, < 2.0.0)
    socksify (1.7.1)
    sqlite3 (1.3.13)
    test-unit (3.2.5)
      power_assert
    thin (1.7.1)
      daemons (~> 1.0, >= 1.0.9)
      eventmachine (~> 1.0, >= 1.0.4)
      rack (>= 1, < 3)
    tilt (2.0.8)
    unindent (1.0)
    vmstat (2.3.1)
    xml-sitemap (1.3.3)
      builder (>= 2.0)

PLATFORMS
  ruby

DEPENDENCIES
  aws-sdk
  bundler
  ezid-client
  fastimage
  htmlentities
  httparty
  json
  mail
  maxminddb-geolite2-city
  mimemagic
  mini_magick
  mysql2
  netrc
  nokogiri
  parslet
  puma
  puma_worker_killer
  sanitize
  sequel
  sigdump
  sinatra
  sinatra-websocket
  socksify
  sqlite3
  test-unit
  unindent
  vmstat
  xml-sitemap

RUBY VERSION
   ruby 2.3.4p301

BUNDLED WITH
   2.0.2
